GEM
  remote: https://rubygems.org/
  specs:
    byebug (4.0.4)
      columnize (= 0.9.0)
    columnize (0.9.0)
    rmagick (2.13.4)

PLATFORMS
  ruby

DEPENDENCIES
  byebug
  rmagick
